GEM
  remote: https://rubygems.org/
  specs:
    minitest (5.17.0)

PLATFORMS
  x86_64-darwin-22

DEPENDENCIES
  minitest (~> 5.14, >= 5.14.2)

BUNDLED WITH
   2.4.1
